GEM
  remote: http://rubygems.org/
  specs:
    ice_cube (0.8.0)

PLATFORMS
  ruby

DEPENDENCIES
  ice_cube
